GEM
  remote: https://rubygems.org/
  specs:
    RedCloth (4.2.9)
    actionpack (4.2.1)
      actionview (= 4.2.1)
      activesupport (= 4.2.1)
      rack (~> 1.6)
      rack-test (~> 0.6.2)
      rails-dom-testing (~> 1.0, >= 1.0.5)
      rails-html-sanitizer (~> 1.0, >= 1.0.1)
    actionview (4.2.1)
      activesupport (= 4.2.1)
      builder (~> 3.1)
      erubis (~> 2.7.0)
      rails-dom-testing (~> 1.0, >= 1.0.5)
      rails-html-sanitizer (~> 1.0, >= 1.0.1)
    activemodel (4.2.1)
      activesupport (= 4.2.1)
      builder (~> 3.1)
    activerecord (4.2.1)
      activemodel (= 4.2.1)
      activesupport (= 4.2.1)
      arel (~> 6.0)
    activesupport (4.2.1)
      i18n (~> 0.7)
      json (~> 1.7, >= 1.7.7)
      minitest (~> 5.1)
      thread_safe (~> 0.3, >= 0.3.4)
      tzinfo (~> 1.1)
    andand (1.3.3)
    arel (6.0.0)
    awesome_print (1.6.1)
    backports (3.6.4)
    bcrypt (3.1.10)
    better_errors (2.1.1)
      coderay (>= 1.0.0)
      erubis (>= 2.6.6)
      rack (>= 0.9.0)
    binding_of_caller (0.7.2)
      debug_inspector (>= 0.0.1)
    builder (3.2.2)
    byebug (2.7.0)
      columnize (~> 0.3)
      debugger-linecache (~> 1.2)
    capybara (2.4.4)
      mime-types (>= 1.16)
      nokogiri (>= 1.3.3)
      rack (>= 1.0.0)
      rack-test (>= 0.5.4)
      xpath (~> 2.0)
    coderay (1.1.0)
    coffee-script (2.4.1)
      coffee-script-source
      execjs
    coffee-script-source (1.9.1.1)
    columnize (0.9.0)
    coolline (0.5.0)
      unicode_utils (~> 1.4)
    daemons (1.2.2)
    debug_inspector (0.0.2)
    debugger-linecache (1.2.0)
    diff-lcs (1.2.5)
    diffy (3.0.7)
    dotenv (2.0.1)
    erubis (2.7.0)
    eventmachine (1.0.7)
    execjs (2.5.2)
    factory_girl (4.5.0)
      activesupport (>= 3.0.0)
    faker (1.4.3)
      i18n (~> 0.5)
    grit (2.5.0)
      diff-lcs (~> 1.1)
      mime-types (~> 1.15)
      posix-spawn (~> 0.3.6)
    hirb (0.7.3)
    i18n (0.7.0)
    jazz_fingers (1.0.0)
      awesome_print (~> 1.6.1)
      hirb (~> 0.7)
      pry (~> 0.10)
      pry-byebug (= 1.3.3)
      pry-coolline (~> 0.2)
      pry-doc (~> 0.6)
      pry-git (~> 0.2)
      pry-rails (~> 0.3)
      pry-remote (>= 0.1.7)
      railties (>= 3.0, < 5.0)
    json (1.8.2)
    kgio (2.9.3)
    libv8 (3.16.14.7)
    loofah (2.0.2)
      nokogiri (>= 1.5.9)
    method_source (0.8.2)
    mime-types (1.25.1)
    mina (0.3.4)
      open4 (~> 1.3.4)
      rake
    mini_portile (0.6.2)
    minitest (5.6.1)
    multi_json (1.11.0)
    mysql2 (0.3.18)
    nokogiri (1.6.6.2)
      mini_portile (~> 0.6.0)
    open4 (1.3.4)
    plist (3.1.0)
    posix-spawn (0.3.11)
    pry (0.10.1)
      coderay (~> 1.1.0)
      method_source (~> 0.8.1)
      slop (~> 3.4)
    pry-byebug (1.3.3)
      byebug (~> 2.7)
      pry (~> 0.10)
    pry-coolline (0.2.5)
      coolline (~> 0.5)
    pry-doc (0.6.0)
      pry (~> 0.9)
      yard (~> 0.8)
    pry-git (0.2.3)
      diffy
      grit
      pry (>= 0.9.8)
    pry-rails (0.3.4)
      pry (>= 0.9.10)
    pry-remote (0.1.8)
      pry (~> 0.9)
      slop (~> 3.0)
    rack (1.6.1)
    rack-protection (1.5.3)
      rack
    rack-test (0.6.3)
      rack (>= 1.0)
    rails-deprecated_sanitizer (1.0.3)
      activesupport (>= 4.2.0.alpha)
    rails-dom-testing (1.0.6)
      activesupport (>= 4.2.0.beta, < 5.0)
      nokogiri (~> 1.6.0)
      rails-deprecated_sanitizer (>= 1.0.1)
    rails-html-sanitizer (1.0.2)
      loofah (~> 2.0)
    railties (4.2.1)
      actionpack (= 4.2.1)
      activesupport (= 4.2.1)
      rake (>= 0.8.7)
      thor (>= 0.18.1, < 2.0)
    raindrops (0.13.0)
    rake (10.4.2)
    ref (1.0.5)
    rspec (3.2.0)
      rspec-core (~> 3.2.0)
      rspec-expectations (~> 3.2.0)
      rspec-mocks (~> 3.2.0)
    rspec-core (3.2.3)
      rspec-support (~> 3.2.0)
    rspec-expectations (3.2.1)
      diff-lcs (>= 1.2.0, < 2.0)
      rspec-support (~> 3.2.0)
    rspec-mocks (3.2.1)
      diff-lcs (>= 1.2.0, < 2.0)
      rspec-support (~> 3.2.0)
    rspec-support (3.2.2)
    sass (3.4.13)
    shoulda-matchers (2.8.0)
      activesupport (>= 3.0.0)
    sinatra (1.4.6)
      rack (~> 1.4)
      rack-protection (~> 1.4)
      tilt (>= 1.3, < 3)
    sinatra-activerecord (2.0.6)
      activerecord (>= 3.2)
      sinatra (~> 1.0)
    sinatra-contrib (1.4.2)
      backports (>= 2.0)
      multi_json
      rack-protection
      rack-test
      sinatra (~> 1.4.0)
      tilt (~> 1.3)
    sinatra-partial (0.4.0)
      sinatra
    slim (3.0.3)
      temple (~> 0.7.3)
      tilt (>= 1.3.3, < 2.1)
    slop (3.6.0)
    sprockets (3.1.0)
      rack (~> 1.0)
    temple (0.7.5)
    textpow (1.4.0)
      plist (>= 3.0.1)
    therubyracer (0.12.2)
      libv8 (~> 3.16.14.0)
      ref
    thin (1.6.3)
      daemons (~> 1.0, >= 1.0.9)
      eventmachine (~> 1.0)
      rack (~> 1.0)
    thor (0.19.1)
    thread_safe (0.3.5)
    tilt (1.4.1)
    tzinfo (1.2.2)
      thread_safe (~> 0.1)
    ultraviolet (1.0.1)
      textpow (>= 1.3.0)
    unicode_utils (1.4.0)
    unicorn (4.9.0)
      kgio (~> 2.6)
      rack
      raindrops (~> 0.7)
    will_paginate (3.0.7)
    xpath (2.0.0)
      nokogiri (~> 1.3)
    yard (0.8.7.6)
    yui-compressor (0.12.0)

PLATFORMS
  ruby

DEPENDENCIES
  RedCloth
  andand
  awesome_print
  bcrypt
  better_errors
  binding_of_caller
  capybara
  coffee-script
  dotenv
  factory_girl
  faker
  jazz_fingers
  mina
  mysql2
  pry
  rack-test
  rake
  rspec
  sass
  shoulda-matchers
  sinatra
  sinatra-activerecord
  sinatra-contrib
  sinatra-partial
  slim
  sprockets
  therubyracer
  thin
  ultraviolet
  unicorn
  will_paginate
  yui-compressor
